GEM
  remote: https://rubygems.org/
  specs:
    beeps (0.1.20)
      rucy (~> 0.1.20)
      xot (~> 0.1.20)
    rays (0.1.20)
      rucy (~> 0.1.20)
      xot (~> 0.1.20)
    reflexion (0.1.20)
      beeps (~> 0.1.20)
      rays (~> 0.1.20)
      rucy (~> 0.1.20)
      xot (~> 0.1.20)
    rubysketch (0.3.15)
      reflexion (~> 0.1)
    rucy (0.1.20)
      xot (~> 0.1.20)
    xot (0.1.20)

PLATFORMS
  x86_64-darwin-18

DEPENDENCIES
  rubysketch

BUNDLED WITH
   2.2.1
